GEM
  remote: https://rubygems.org/
  specs:
    concurrent-ruby (1.1.10)
    dentaku (3.5.1)
      concurrent-ruby
    diff-lcs (1.5.0)
    rspec (3.12.0)
      rspec-core (~> 3.12.0)
      rspec-expectations (~> 3.12.0)
      rspec-mocks (~> 3.12.0)
    rspec-core (3.12.0)
      rspec-support (~> 3.12.0)
    rspec-expectations (3.12.0)
      diff-lcs (>= 1.2.0, < 2.0)
      rspec-support (~> 3.12.0)
    rspec-mocks (3.12.0)
      diff-lcs (>= 1.2.0, < 2.0)
      rspec-support (~> 3.12.0)
    rspec-support (3.12.0)

PLATFORMS
  ruby

DEPENDENCIES
  dentaku (~> 3.5, >= 3.5.1)
  rspec (~> 3.0)

BUNDLED WITH
   2.3.24
